GEM
  remote: https://rubygems.org/
  specs:
    CFPropertyList (2.2.8)
    awesome_print (1.2.0)
    configatron (3.2.0)
    diffy (3.0.6)
    facter (2.2.0)
      CFPropertyList (~> 2.2.6)
    falkorlib (0.3.12)
      awesome_print (~> 1.2)
      configatron (~> 3.2)
      diffy (>= 3.0)
      git_remote_branch (~> 0)
      json (~> 1.8)
      license-generator (~> 0)
      minigit (~> 0)
      rake (~> 10.1, >= 10.1.0)
      term-ansicolor (~> 1.3)
    git_remote_branch (0.3.8)
    hiera (1.3.4)
      json_pure
    json (1.8.1)
    json_pure (1.8.1)
    license-generator (0.4.1)
      thor
    minigit (0.0.4)
    puppet (3.7.0)
      facter (> 1.6, < 3)
      hiera (~> 1.0)
      json_pure
    puppet-lint (1.0.1)
    puppet-syntax (1.3.0)
      rake
    rake (10.3.2)
    term-ansicolor (1.3.0)
      tins (~> 1.0)
    thor (0.19.1)
    tins (1.3.2)

PLATFORMS
  ruby

DEPENDENCIES
  facter (>= 1.7.0)
  falkorlib
  puppet (>= 3.3)
  puppet-lint (>= 0.3.2)
  puppet-syntax
