GEM
  remote: https://rubygems.org/
  specs:
    CFPropertyList (2.2.8)
    activesupport (4.2.10)
      i18n (~> 0.7)
      minitest (~> 5.1)
      thread_safe (~> 0.3, >= 0.3.4)
      tzinfo (~> 1.1)
    addressable (2.4.0)
    ansi (1.5.0)
    artii (2.1.2)
    ast (2.4.0)
    awesome_print (1.8.0)
    backports (3.11.3)
    concurrent-ruby (1.0.5)
    configatron (3.2.0)
    deep_merge (1.0.1)
    diff-lcs (1.2.5)
    diffy (3.2.1)
    docile (1.3.1)
    ethon (0.11.0)
      ffi (>= 1.3.0)
    facter (2.4.6)
    facter (2.4.6-universal-darwin)
      CFPropertyList (~> 2.2.6)
    facterdb (0.5.2)
      facter
      jgrep
    falkorlib (0.7.15)
      activesupport (~> 4.0)
      artii (>= 2.1)
      awesome_print (~> 1.2)
      configatron (~> 3.2)
      deep_merge (~> 1.0.1)
      diffy (>= 3.0)
      facter (~> 2.4.1)
      git_remote_branch (~> 0)
      json (~> 1.8)
      license-generator (~> 0)
      logger (>= 1.2.8)
      minigit (~> 0)
      rake (~> 10.1, >= 10.1.0)
      term-ansicolor (~> 1.3)
      thor (>= 0.19)
      thor-zsh_completion
    faraday (0.15.2)
      multipart-post (>= 1.2, < 3)
    faraday_middleware (0.12.2)
      faraday (>= 0.7.4, < 1.0)
    ffi (1.9.25)
    gh (0.15.1)
      addressable (~> 2.4.0)
      backports
      faraday (~> 0.8)
      multi_json (~> 1.0)
      net-http-persistent (~> 2.9)
      net-http-pipeline
    git_remote_branch (0.3.8)
    hiera (3.4.3)
    highline (1.7.10)
    hirb (0.7.3)
    i18n (0.9.5)
      concurrent-ruby (~> 1.0)
    jgrep (1.5.0)
    json (1.8.6)
    json-schema (2.8.0)
      addressable (>= 2.4)
    json_pure (2.1.0)
    launchy (2.4.3)
      addressable (~> 2.3)
    license-generator (0.4.1)
      thor
    logger (1.2.8)
    mcollective-client (2.12.1)
      json
      stomp
      systemu
    metaclass (0.0.4)
    metadata-json-lint (2.1.0)
      json-schema (~> 2.8)
      spdx-licenses (~> 1.0)
    minigit (0.0.4)
    minitest (5.11.3)
    mocha (1.5.0)
      metaclass (~> 0.0.1)
    multi_json (1.13.1)
    multipart-post (2.0.0)
    net-http-persistent (2.9.4)
    net-http-pipeline (1.0.1)
    parallel (1.12.1)
    parser (2.5.1.2)
      ast (~> 2.4.0)
    powerpack (0.1.2)
    puppet (4.4.2)
      facter (> 2.0, < 4)
      hiera (>= 2.0, < 4)
      json_pure
    puppet (4.4.2-universal-darwin)
      CFPropertyList (~> 2.2.6)
      facter (> 2.0, < 4)
      hiera (>= 2.0, < 4)
      json_pure
    puppet-lint (2.3.6)
    puppet-lint-absolute_classname-check (0.2.5)
      puppet-lint (>= 1.0, < 3.0)
    puppet-lint-classes_and_types_beginning_with_digits-check (0.1.2)
      puppet-lint (>= 1.0, < 3.0)
    puppet-lint-leading_zero-check (0.1.1)
      puppet-lint (>= 1.0, < 3.0)
    puppet-lint-resource_reference_syntax (1.0.14)
      puppet-lint (>= 1.0, < 3.0)
    puppet-lint-trailing_comma-check (0.3.2)
      puppet-lint (>= 1.0, < 3.0)
    puppet-lint-unquoted_string-check (0.3.0)
      puppet-lint (>= 1.0, < 3.0)
    puppet-lint-version_comparison-check (0.2.1)
      puppet-lint (>= 1.0, < 3.0)
    puppet-syntax (2.4.1)
      rake
    puppetlabs_spec_helper (2.9.1)
      mocha (~> 1.0)
      puppet-lint (~> 2.0)
      puppet-syntax (~> 2.0)
      rspec-puppet (~> 2.0)
    pusher-client (0.6.2)
      json
      websocket (~> 1.0)
    rainbow (2.2.2)
      rake
    rake (10.5.0)
    rspec (3.2.0)
      rspec-core (~> 3.2.0)
      rspec-expectations (~> 3.2.0)
      rspec-mocks (~> 3.2.0)
    rspec-core (3.2.3)
      rspec-support (~> 3.2.0)
    rspec-expectations (3.2.1)
      diff-lcs (>= 1.2.0, < 2.0)
      rspec-support (~> 3.2.0)
    rspec-mocks (3.2.1)
      diff-lcs (>= 1.2.0, < 2.0)
      rspec-support (~> 3.2.0)
    rspec-puppet (2.1.0)
      rspec
    rspec-puppet-facts (1.9.0)
      facter
      facterdb (>= 0.5.0)
      json
      mcollective-client
      puppet
    rspec-support (3.2.2)
    rubocop (0.49.0)
      parallel (~> 1.10)
      parser (>= 2.3.3.1, < 3.0)
      powerpack (~> 0.1)
      rainbow (>= 1.99.1, < 3.0)
      ruby-progressbar (~> 1.7)
      unicode-display_width (~> 1.0, >= 1.0.1)
    ruby-progressbar (1.10.0)
    semantic_puppet (1.0.2)
    simplecov (0.16.1)
      docile (~> 1.1)
      json (>= 1.8, < 3)
      simplecov-html (~> 0.10.0)
    simplecov-console (0.4.2)
      ansi
      hirb
      simplecov
    simplecov-html (0.10.2)
    spdx-licenses (1.2.0)
    stomp (1.4.4)
    systemu (2.6.5)
    term-ansicolor (1.6.0)
      tins (~> 1.0)
    thor (0.20.0)
    thor-zsh_completion (0.1.5)
      thor (~> 0)
    thread_safe (0.3.6)
    tins (1.16.3)
    travis (1.8.8)
      backports
      faraday (~> 0.9)
      faraday_middleware (~> 0.9, >= 0.9.1)
      gh (~> 0.13)
      highline (~> 1.6)
      launchy (~> 2.1)
      pusher-client (~> 0.4)
      typhoeus (~> 0.6, >= 0.6.8)
    travis-lint (2.0.0)
      json
    typhoeus (0.8.0)
      ethon (>= 0.8.0)
    tzinfo (1.2.5)
      thread_safe (~> 0.1)
    unicode-display_width (1.4.0)
    websocket (1.2.8)

PLATFORMS
  ruby
  x86_64-darwin-16

DEPENDENCIES
  falkorlib
  metadata-json-lint
  puppet (~> 4.4.0)
  puppet-lint-absolute_classname-check
  puppet-lint-classes_and_types_beginning_with_digits-check
  puppet-lint-leading_zero-check
  puppet-lint-resource_reference_syntax
  puppet-lint-trailing_comma-check
  puppet-lint-unquoted_string-check
  puppet-lint-version_comparison-check
  puppetlabs_spec_helper
  rake
  rspec (<= 3.2.0)
  rspec-puppet
  rspec-puppet-facts
  rubocop (= 0.49.0)
  semantic_puppet
  simplecov (>= 0.11.0)
  simplecov-console
  travis
  travis-lint

BUNDLED WITH
   1.16.2
